GEM
  remote: https://rubygems.org/
  specs:
    hiredis (0.6.3)
    redis (4.1.0)

PLATFORMS
  ruby

DEPENDENCIES
  hiredis (~> 0.6.3)!
  redis (~> 4.1.0)!

BUNDLED WITH
   1.16.6
